GEM
  remote: https://rubygems.org/
  specs:
    alfred-workflow (2.0.5)
      fuzzy_match (>= 2.0.4)
      gyoku (>= 1.1.0)
      moneta (>= 0.7.19)
      nori (>= 2.3.0)
      plist (>= 3.1.0)
      terminal-notifier (>= 1.5.0)
    builder (3.2.2)
    dacpclient (0.3.4)
      dmapparser (~> 0.2.0)
      dnssd (~> 2.0)
      faraday (~> 0.9.0)
      fuzzy_match (~> 2.1.0)
      plist (~> 3.1.0)
      thor (~> 0.19.1)
    dmapparser (0.2.0)
    dnssd (2.0.1)
    faraday (0.9.2)
      multipart-post (>= 1.2, < 3)
    fuzzy_match (2.1.0)
    gyoku (1.3.1)
      builder (>= 2.1.2)
    moneta (0.8.0)
    multipart-post (2.0.0)
    nori (2.6.0)
    plist (3.1.0)
    terminal-notifier (1.7.1)
    thor (0.19.1)

PLATFORMS
  ruby

DEPENDENCIES
  alfred-workflow
  dacpclient

BUNDLED WITH
   1.12.5
